PATH
  remote: .
  specs:
    dymo_render (0.0.2)
      barby (~> 0.6)
      nokogiri (~> 1.8)
      prawn (~> 2.2)
      rqrcode (~> 0.10)

GEM
  remote: https://rubygems.org/
  specs:
    barby (0.6.5)
    chunky_png (1.3.10)
    coderay (1.1.2)
    diff-lcs (1.3)
    method_source (0.9.0)
    mini_portile2 (2.3.0)
    nokogiri (1.8.2)
      mini_portile2 (~> 2.3.0)
    pdf-core (0.7.0)
    prawn (2.2.2)
      pdf-core (~> 0.7.0)
      ttfunk (~> 1.5)
    pry (0.11.3)
      coderay (~> 1.1.0)
      method_source (~> 0.9.0)
    rake (12.3.1)
    rqrcode (0.10.1)
      chunky_png (~> 1.0)
    rspec (3.7.0)
      rspec-core (~> 3.7.0)
      rspec-expectations (~> 3.7.0)
      rspec-mocks (~> 3.7.0)
    rspec-core (3.7.1)
      rspec-support (~> 3.7.0)
    rspec-expectations (3.7.0)
      diff-lcs (>= 1.2.0, < 2.0)
      rspec-support (~> 3.7.0)
    rspec-mocks (3.7.0)
      diff-lcs (>= 1.2.0, < 2.0)
      rspec-support (~> 3.7.0)
    rspec-support (3.7.1)
    ttfunk (1.5.1)

PLATFORMS
  ruby

DEPENDENCIES
  bundler
  dymo_render!
  pry
  rake
  rspec

RUBY VERSION
   ruby 2.5.1p57

BUNDLED WITH
   1.16.1
