PATH
  remote: .
  specs:
    dymo-render (0.0.0)
      barby (~> 0.6.5)
      nokogiri (~> 1.8.2)
      prawn (~> 2.2.2)
      rqrcode (~> 0.10.1)

GEM
  specs:
    barby (0.6.5)
    chunky_png (1.3.10)
    mini_portile2 (2.3.0)
    nokogiri (1.8.2)
      mini_portile2 (~> 2.3.0)
    pdf-core (0.7.0)
    prawn (2.2.2)
      pdf-core (~> 0.7.0)
      ttfunk (~> 1.5)
    rqrcode (0.10.1)
      chunky_png (~> 1.0)
    ttfunk (1.5.1)

PLATFORMS
  ruby

DEPENDENCIES
  dymo-render!

BUNDLED WITH
   1.16.1
